GIT
  remote: /home/olaf/Rails/my-gems/formular
  revision: c7864cd
  specs:
    formular (0.1.0)
      haml

GIT
  remote: /home/olaf/Rails/my-gems/json-accessors
  revision: ebd272e
  specs:
    json-accessors (0.1.0)
      haml

GIT
  remote: /home/olaf/Rails/my-gems/lazy
  revision: 6d2c5ec
  specs:
    lazy (0.1.0)

GIT
  remote: /home/olaf/Rails/my-gems/partial-date
  revision: 1d12c5c
  specs:
    partial-date (0.1.0)

GIT
  remote: /home/olaf/Rails/my-gems/persistent
  revision: e360a83
  specs:
    persistent (0.1.0)
      lazy

GIT
  remote: /home/olaf/Rails/my-gems/verboten
  revision: 4b9e6cc
  specs:
    verboten (0.1.0)

GEM
  remote: http://rubygems.org/
  specs:
    RedCloth (4.2.3-java)
    actionmailer (2.3.8)
      actionpack (= 2.3.8)
    actionpack (2.3.8)
      activesupport (= 2.3.8)
      rack (~> 1.1.0)
    activerecord (2.3.8)
      activesupport (= 2.3.8)
    activerecord-jdbc-adapter (0.9.7-java)
    activerecord-jdbcsqlite3-adapter (0.9.7-java)
      activerecord-jdbc-adapter (= 0.9.7)
      jdbc-sqlite3 (>= 3.6.3.054)
    activeresource (2.3.8)
      activesupport (= 2.3.8)
    activesupport (2.3.8)
    bouncy-castle-java (1.5.0145.2)
    builder (2.1.2)
    capybara (0.3.9)
      culerity (>= 0.2.4)
      mime-types (>= 1.16)
      nokogiri (>= 1.3.3)
      rack (>= 1.0.0)
      rack-test (>= 0.5.4)
      selenium-webdriver (>= 0.0.3)
    celerity (0.7.9)
    cucumber (0.8.5)
      builder (~> 2.1.2)
      diff-lcs (~> 1.1.2)
      gherkin (~> 2.1.4)
      json_pure (~> 1.4.3)
      term-ansicolor (~> 1.0.4)
    cucumber-rails (0.3.2)
      cucumber (>= 0.8.0)
    culerity (0.2.10)
    database_cleaner (0.5.2)
    diff-lcs (1.1.2)
    faker (0.3.1)
    ffi (0.6.3-java)
    gherkin (2.1.5-java)
      trollop (~> 1.16.2)
    haml (3.0.15)
    jdbc-sqlite3 (3.6.3.054)
    jruby-openssl (0.7.1)
      bouncy-castle-java
    json_pure (1.4.3)
    machinist (1.0.6)
    mime-types (1.16)
    nokogiri (1.4.3.1-java)
      weakling (>= 0.0.3)
    pickle (0.3.3)
    rack (1.1.0)
    rack-test (0.5.4)
      rack (>= 1.0)
    rails (2.3.8)
      actionmailer (= 2.3.8)
      actionpack (= 2.3.8)
      activerecord (= 2.3.8)
      activeresource (= 2.3.8)
      activesupport (= 2.3.8)
      rake (>= 0.8.3)
    rake (0.8.7)
    rspec (1.3.0)
    rspec-rails (1.3.2)
      rack (>= 1.0.0)
      rspec (>= 1.3.0)
    ruby-openid (2.1.8)
    rubyzip (0.9.4)
    selenium-webdriver (0.0.27)
      ffi (>= 0.6.1)
      json_pure
      rubyzip
    term-ansicolor (1.0.5)
    trollop (1.16.2)
    weakling (0.0.4-java)

PLATFORMS
  java

DEPENDENCIES
  RedCloth
  activerecord-jdbcsqlite3-adapter
  capybara
  celerity
  cucumber
  cucumber-rails
  culerity
  database_cleaner
  faker
  formular!
  haml
  jruby-openssl
  json-accessors!
  lazy!
  machinist
  partial-date!
  persistent!
  pickle
  rails (~> 2.3.8)
  rspec-rails (>= 1.3.2)
  ruby-openid
  rubyzip
  verboten!
